GEM
  remote: http://rubygems.org/
  specs:
    actionmailer (3.2.21)
      actionpack (= 3.2.21)
      mail (~> 2.5.4)
    actionpack (3.2.21)
      activemodel (= 3.2.21)
      activesupport (= 3.2.21)
      builder (~> 3.0.0)
      erubis (~> 2.7.0)
      journey (~> 1.0.4)
      rack (~> 1.4.5)
      rack-cache (~> 1.2)
      rack-test (~> 0.6.1)
      sprockets (~> 2.2.1)
    activemodel (3.2.21)
      activesupport (= 3.2.21)
      builder (~> 3.0.0)
    activerecord (3.2.21)
      activemodel (= 3.2.21)
      activesupport (= 3.2.21)
      arel (~> 3.0.2)
      tzinfo (~> 0.3.29)
    activeresource (3.2.21)
      activemodel (= 3.2.21)
      activesupport (= 3.2.21)
    activesupport (3.2.21)
      i18n (~> 0.6, >= 0.6.4)
      multi_json (~> 1.0)
    acts_as_list (0.2.0)
      activerecord (>= 3.0)
    arel (3.0.3)
    bcrypt (3.1.11)
    builder (3.0.4)
    capistrano (2.15.4)
      highline
      net-scp (>= 1.0.0)
      net-sftp (>= 2.0.0)
      net-ssh (>= 2.0.14)
      net-ssh-gateway (>= 1.1.0)
    coffee-rails (3.2.2)
      coffee-script (>= 2.2.0)
      railties (~> 3.2.0)
    coffee-script (2.4.1)
      coffee-script-source
      execjs
    coffee-script-source (1.10.0)
    devise (3.5.10)
      bcrypt (~> 3.0)
      orm_adapter (~> 0.1)
      railties (>= 3.2.6, < 5)
      responders
      thread_safe (~> 0.1)
      warden (~> 1.2.3)
    diffy (3.1.0)
    erubis (2.7.0)
    exception_notification (3.0.1)
      actionmailer (>= 3.0.4)
    execjs (2.0.2)
    highline (1.7.8)
    hike (1.2.3)
    i18n (0.6.11)
    journey (1.0.4)
    jquery-rails (3.1.4)
      railties (>= 3.0, < 5.0)
      thor (>= 0.14, < 2.0)
    jquery-ui-rails (5.0.5)
      railties (>= 3.2.16)
    json (1.8.3)
    libv8 (3.3.10.4)
    mail (2.5.4)
      mime-types (~> 1.16)
      treetop (~> 1.4.8)
    mime-types (1.25.1)
    multi_json (1.12.1)
    mysql2 (0.3.21)
    net-scp (1.2.1)
      net-ssh (>= 2.6.5)
    net-sftp (2.1.2)
      net-ssh (>= 2.6.5)
    net-ssh (3.2.0)
    net-ssh-gateway (1.2.0)
      net-ssh (>= 2.6.5)
    orm_adapter (0.5.0)
    paper_trail (4.0.2)
      activerecord (>= 3.0, < 6.0)
      activesupport (>= 3.0, < 6.0)
      request_store (~> 1.1)
    polyglot (0.3.5)
    rack (1.4.7)
    rack-cache (1.6.1)
      rack (>= 0.4)
    rack-google_analytics (1.0.2)
      rack
    rack-ssl (1.3.4)
      rack
    rack-test (0.6.3)
      rack (>= 1.0)
    rails (3.2.21)
      actionmailer (= 3.2.21)
      actionpack (= 3.2.21)
      activerecord (= 3.2.21)
      activeresource (= 3.2.21)
      activesupport (= 3.2.21)
      bundler (~> 1.0)
      railties (= 3.2.21)
    railties (3.2.21)
      actionpack (= 3.2.21)
      activesupport (= 3.2.21)
      rack-ssl (~> 1.3.2)
      rake (>= 0.8.7)
      rdoc (~> 3.4)
      thor (>= 0.14.6, < 2.0)
    rake (11.3.0)
    rdoc (3.12.2)
      json (~> 1.4)
    redcarpet (2.3.0)
    request_store (1.3.1)
    responders (1.1.2)
      railties (>= 3.2, < 4.2)
    sass (3.4.22)
    sass-rails (3.2.6)
      railties (~> 3.2.0)
      sass (>= 3.1.10)
      tilt (~> 1.3)
    sprockets (2.2.3)
      hike (~> 1.2)
      multi_json (~> 1.0)
      rack (~> 1.0)
      tilt (~> 1.1, != 1.3.0)
    therubyracer (0.10.2)
      libv8 (~> 3.3.10)
    thor (0.19.1)
    thread_safe (0.3.5)
    tilt (1.4.1)
    treetop (1.4.15)
      polyglot
      polyglot (>= 0.3.1)
    tzinfo (0.3.51)
    uglifier (3.0.1)
      execjs (>= 0.3.0, < 3)
    warden (1.2.6)
      rack (>= 1.0)
    will_paginate (3.1.0)

PLATFORMS
  ruby

DEPENDENCIES
  acts_as_list (< 0.3.0)
  capistrano (< 2.15.5)
  coffee-rails
  devise
  diffy
  exception_notification (~> 3.0.1)
  execjs (= 2.0.2)
  i18n (= 0.6.11)
  jquery-rails
  jquery-ui-rails
  json
  libv8 (= 3.3.10.4)
  mysql2 (~> 0.3.10)
  paper_trail (~> 4.0.0.rc)
  rack-google_analytics
  rails (= 3.2.21)
  redcarpet (<= 2.3.0)
  sass-rails
  therubyracer (= 0.10.2)
  uglifier (>= 1.0.3)
  will_paginate

BUNDLED WITH
   1.12.5
